PATH
  remote: .
  specs:
    cli-ui (2.2.3)

GEM
  remote: https://rubygems.org/
  specs:
    ansi (1.5.0)
    ast (2.4.2)
    builder (3.2.4)
    byebug (11.1.3)
    diff-lcs (1.5.0)
    docile (1.4.0)
    json (2.6.3)
    json (2.6.3-java)
    method_source (1.0.0)
    minitest (5.18.0)
    minitest-reporters (1.6.0)
      ansi
      builder
      minitest (>= 5.0)
      ruby-progressbar
    mocha (2.0.2)
      ruby2_keywords (>= 0.0.5)
    netrc (0.11.0)
    parallel (1.23.0)
    parser (3.2.2.0)
      ast (~> 2.4.1)
    rainbow (3.1.1)
    rake (13.0.6)
    rbi (0.0.16)
      ast
      parser (>= 2.6.4.0)
      sorbet-runtime (>= 0.5.9204)
      unparser
    regexp_parser (2.8.0)
    rexml (3.2.5)
    rubocop (1.50.2)
      json (~> 2.3)
      parallel (~> 1.10)
      parser (>= 3.2.0.0)
      rainbow (>= 2.2.2, < 4.0)
      regexp_parser (>= 1.8, < 3.0)
      rexml (>= 3.2.5, < 4.0)
      rubocop-ast (>= 1.28.0, < 2.0)
      ruby-progressbar (~> 1.7)
      unicode-display_width (>= 2.4.0, < 3.0)
    rubocop-ast (1.28.0)
      parser (>= 3.2.1.0)
    rubocop-rake (0.6.0)
      rubocop (~> 1.0)
    rubocop-shopify (2.13.0)
      rubocop (~> 1.50)
    rubocop-sorbet (0.7.0)
      rubocop (>= 0.90.0)
    ruby-progressbar (1.13.0)
    ruby2_keywords (0.0.5)
    simplecov (0.22.0)
      docile (~> 1.1)
      simplecov-html (~> 0.11)
      simplecov_json_formatter (~> 0.1)
    simplecov-html (0.12.3)
    simplecov_json_formatter (0.1.4)
    sorbet (0.5.10826)
      sorbet-static (= 0.5.10826)
    sorbet-runtime (0.5.10826)
    sorbet-static (0.5.10826-java)
    sorbet-static (0.5.10826-universal-darwin-14)
    sorbet-static (0.5.10826-universal-darwin-15)
    sorbet-static (0.5.10826-universal-darwin-16)
    sorbet-static (0.5.10826-universal-darwin-17)
    sorbet-static (0.5.10826-universal-darwin-18)
    sorbet-static (0.5.10826-universal-darwin-19)
    sorbet-static (0.5.10826-universal-darwin-20)
    sorbet-static (0.5.10826-universal-darwin-21)
    sorbet-static (0.5.10826-universal-darwin-22)
    sorbet-static (0.5.10826-x86_64-linux)
    sorbet-static-and-runtime (0.5.10826)
      sorbet (= 0.5.10826)
      sorbet-runtime (= 0.5.10826)
    spoom (1.2.1)
      sorbet (>= 0.5.10187)
      sorbet-runtime (>= 0.5.9204)
      thor (>= 0.19.2)
    tapioca (0.11.5)
      bundler (>= 2.2.25)
      netrc (>= 0.11.0)
      parallel (>= 1.21.0)
      rbi (~> 0.0.0, >= 0.0.16)
      sorbet-static-and-runtime (>= 0.5.10187)
      spoom (~> 1.2.0, >= 1.2.0)
      thor (>= 1.2.0)
      yard-sorbet
    thor (1.2.1)
    unicode-display_width (2.4.2)
    unparser (0.6.7)
      diff-lcs (~> 1.3)
      parser (>= 3.2.0)
    yard (0.9.34)
    yard-sorbet (0.8.1)
      sorbet-runtime (>= 0.5)
      yard (>= 0.9)

PLATFORMS
  arm64-darwin-21
  java
  universal-darwin
  x86_64-linux

DEPENDENCIES
  byebug
  cli-ui!
  method_source
  minitest (>= 5.0.0)
  minitest-reporters
  mocha
  rake (~> 13.0)
  rubocop
  rubocop-rake
  rubocop-shopify
  rubocop-sorbet
  simplecov
  sorbet-static-and-runtime
  tapioca

BUNDLED WITH
   2.3.5
